GIT
  remote: git://github.com/grounded/afterburner.git
  revision: 001baf3f4d1508e0a1f1c1fbbf4db8fb07d8a053
  specs:
    afterburner (0.0.3)

GIT
  remote: git://github.com/rails/coffee-rails.git
  revision: 78d4d7ac5baf4e76a6717f303f51b505c40b9770
  specs:
    coffee-rails (4.0.0)
      coffee-script (>= 2.2.0)
      railties (>= 4.0.0.beta, < 5.0)

GIT
  remote: git://github.com/rails/jquery-rails.git
  revision: 28ee0ef4c8486c1e331bbc7f7d0ccbf1b0631af5
  specs:
    jquery-rails (2.2.1)
      railties (>= 3.0, < 5.0)
      thor (>= 0.14, < 2.0)

GIT
  remote: git://github.com/rails/rails.git
  revision: 65850baf984a9349fe96bea136b81eaa36404a02
  specs:
    actionmailer (4.0.0.beta1)
      actionpack (= 4.0.0.beta1)
      mail (~> 2.5.3)
    actionpack (4.0.0.beta1)
      activesupport (= 4.0.0.beta1)
      builder (~> 3.1.0)
      erubis (~> 2.7.0)
      rack (~> 1.5.2)
      rack-test (~> 0.6.2)
    activemodel (4.0.0.beta1)
      activesupport (= 4.0.0.beta1)
      builder (~> 3.1.0)
    activerecord (4.0.0.beta1)
      activemodel (= 4.0.0.beta1)
      activerecord-deprecated_finders (~> 1.0.1)
      activesupport (= 4.0.0.beta1)
      arel (~> 4.0.0)
    activesupport (4.0.0.beta1)
      i18n (~> 0.6, >= 0.6.4)
      minitest (~> 4.2)
      multi_json (~> 1.3)
      thread_safe (~> 0.1)
      tzinfo (~> 0.3.37)
    rails (4.0.0.beta1)
      actionmailer (= 4.0.0.beta1)
      actionpack (= 4.0.0.beta1)
      activerecord (= 4.0.0.beta1)
      activesupport (= 4.0.0.beta1)
      bundler (>= 1.3.0, < 2.0)
      railties (= 4.0.0.beta1)
      sprockets-rails (~> 2.0.0.rc4)
    railties (4.0.0.beta1)
      actionpack (= 4.0.0.beta1)
      activesupport (= 4.0.0.beta1)
      rake (>= 0.8.7)
      thor (>= 0.18.1, < 2.0)

GIT
  remote: git://github.com/rails/sass-rails.git
  revision: aeae25d22c8392a8ac0a07c86664d37d6acd9e25
  specs:
    sass-rails (4.0.0.rc1)
      railties (>= 4.0.0.beta, < 5.0)
      sass (>= 3.1.10)
      sprockets-rails (~> 2.0.0.rc4)

GIT
  remote: https://github.com/grounded/afterburnercms.git
  revision: c1be10cdd6180dfe8b9117393658413c8364d88f
  glob: {,**/*}.gemspec
  specs:
    abc (0.0.3)
    abc-adapters (0.0.3)
      abc-core (~> 0.0.3)
      hyperion-api
    abc-core (0.0.3)
      afterburner (= 0.0.3)
    abc-delivery-shared (0.0.3)
      abc (= 0.0.3)
      abc-core (= 0.0.3)
      activesupport (>= 4.0.0.beta1)

GEM
  remote: https://rubygems.org/
  specs:
    activerecord-deprecated_finders (1.0.1)
    addressable (2.3.4)
    arel (4.0.0)
    atomic (1.1.8)
    bootstrap-sass (2.3.0.1)
      sass (~> 3.2)
    bourbon (3.1.4)
      sass (>= 3.2.0)
      thor
    builder (3.1.4)
    capybara (2.1.0)
      mime-types (>= 1.16)
      nokogiri (>= 1.3.3)
      rack (>= 1.0.0)
      rack-test (>= 0.5.4)
      xpath (~> 2.0)
    coderay (1.0.9)
    coffee-script (2.2.0)
      coffee-script-source
      execjs
    coffee-script-source (1.6.2)
    data_objects (0.10.10)
      addressable (~> 2.1)
    diff-lcs (1.2.4)
    do_postgres (0.10.10)
      data_objects (= 0.10.10)
    erubis (2.7.0)
    execjs (1.4.0)
      multi_json (~> 1.0)
    haml (4.0.2)
      tilt
    hike (1.2.2)
    hyperion-api (0.2.0)
      uuidtools (= 2.1.3)
    hyperion-postgres (0.2.0)
      do_postgres (= 0.10.10)
      hyperion-sql (= 0.2.0)
    hyperion-sql (0.2.0)
      hyperion-api (= 0.2.0)
    i18n (0.6.4)
    mail (2.5.3)
      i18n (>= 0.4.0)
      mime-types (~> 1.16)
      treetop (~> 1.4.8)
    method_source (0.8.1)
    mime-types (1.23)
    minitest (4.7.3)
    multi_json (1.7.2)
    neat (1.2.1)
      bourbon (>= 2.1)
      sass (>= 3.2)
    newrelic_rpm (3.6.1.87)
    nokogiri (1.5.9)
    pg (0.15.1)
    polyglot (0.3.3)
    pry (0.9.12.1)
      coderay (~> 1.0.5)
      method_source (~> 0.8)
      slop (~> 3.4)
    pry-rails (0.2.2)
      pry (>= 0.9.10)
    puma (1.6.3)
      rack (~> 1.2)
    quiet_assets (1.0.2)
      railties (>= 3.1, < 5.0)
    rack (1.5.2)
    rack-test (0.6.2)
      rack (>= 1.0)
    rake (10.0.4)
    rspec-core (2.13.1)
    rspec-expectations (2.13.0)
      diff-lcs (>= 1.1.3, < 2.0)
    rspec-mocks (2.13.1)
    rspec-rails (2.13.0)
      actionpack (>= 3.0)
      activesupport (>= 3.0)
      railties (>= 3.0)
      rspec-core (~> 2.13.0)
      rspec-expectations (~> 2.13.0)
      rspec-mocks (~> 2.13.0)
    sass (3.2.8)
    simplecov (0.7.1)
      multi_json (~> 1.0)
      simplecov-html (~> 0.7.1)
    simplecov-html (0.7.1)
    slop (3.4.4)
    sprockets (2.9.3)
      hike (~> 1.2)
      multi_json (~> 1.0)
      rack (~> 1.0)
      tilt (~> 1.1, != 1.3.0)
    sprockets-rails (2.0.0.rc4)
      actionpack (>= 3.0)
      activesupport (>= 3.0)
      sprockets (~> 2.8)
    thor (0.18.1)
    thread_safe (0.1.0)
      atomic
    tilt (1.3.7)
    treetop (1.4.12)
      polyglot
      polyglot (>= 0.3.1)
    tzinfo (0.3.37)
    uglifier (2.0.1)
      execjs (>= 0.3.0)
      multi_json (~> 1.0, >= 1.0.2)
    uuidtools (2.1.3)
    xpath (2.0.0)
      nokogiri (~> 1.3)

PLATFORMS
  ruby

DEPENDENCIES
  abc!
  abc-adapters!
  abc-core!
  abc-delivery-shared!
  activerecord-jdbcpostgresql-adapter
  afterburner!
  bootstrap-sass (~> 2.3.0.1)
  bourbon (~> 3.1.1)
  capybara
  coffee-rails!
  haml (>= 4.0.1)
  hyperion-postgres
  jquery-rails!
  neat (~> 1.2.0)
  newrelic_rpm
  pg
  pry
  pry-rails
  puma
  quiet_assets
  rails!
  rspec-rails
  sass-rails!
  simplecov
  uglifier
